GEM
  remote: https://rubygems.org/
  specs:
    addressable (2.8.1)
      public_suffix (>= 2.0.2, < 6.0)
    ast (2.4.2)
    coderay (1.1.3)
    csv (3.2.5)
    date (3.2.2)
    declarative (0.0.20)
    diff-lcs (1.5.0)
    dotenv (2.8.1)
    faraday (1.10.2)
      faraday-em_http (~> 1.0)
      faraday-em_synchrony (~> 1.0)
      faraday-excon (~> 1.1)
      faraday-httpclient (~> 1.0)
      faraday-multipart (~> 1.0)
      faraday-net_http (~> 1.0)
      faraday-net_http_persistent (~> 1.0)
      faraday-patron (~> 1.0)
      faraday-rack (~> 1.0)
      faraday-retry (~> 1.0)
      ruby2_keywords (>= 0.0.4)
    faraday-em_http (1.0.0)
    faraday-em_synchrony (1.0.0)
    faraday-excon (1.1.0)
    faraday-httpclient (1.0.1)
    faraday-multipart (1.0.4)
      multipart-post (~> 2)
    faraday-net_http (1.0.1)
    faraday-net_http_persistent (1.2.0)
    faraday-patron (1.0.0)
    faraday-rack (1.0.0)
    faraday-retry (1.0.3)
    google-apis-core (0.9.1)
      addressable (~> 2.5, >= 2.5.1)
      googleauth (>= 0.16.2, < 2.a)
      httpclient (>= 2.8.1, < 3.a)
      mini_mime (~> 1.0)
      representable (~> 3.0)
      retriable (>= 2.0, < 4.a)
      rexml
      webrick
    google-apis-drive_v3 (0.30.0)
      google-apis-core (>= 0.9.0, < 2.a)
    google-apis-sheets_v4 (0.19.0)
      google-apis-core (>= 0.9.0, < 2.a)
    google_drive (3.0.7)
      google-apis-drive_v3 (>= 0.5.0, < 1.0.0)
      google-apis-sheets_v4 (>= 0.4.0, < 1.0.0)
      googleauth (>= 0.5.0, < 1.0.0)
      nokogiri (>= 1.5.3, < 2.0.0)
    googleauth (0.17.1)
      faraday (>= 0.17.3, < 2.0)
      jwt (>= 1.4, < 3.0)
      memoist (~> 0.16)
      multi_json (~> 1.11)
      os (>= 0.9, < 2.0)
      signet (~> 0.15)
    httpclient (2.8.3)
    json (2.6.2)
    jwt (2.5.0)
    memoist (0.16.2)
    method_source (1.0.0)
    mini_mime (1.1.2)
    multi_json (1.15.0)
    multipart-post (2.2.3)
    nokogiri (1.13.9-arm64-darwin)
      racc (~> 1.4)
    open-uri (0.2.0)
      stringio
      time
      uri
    os (1.1.4)
    parallel (1.22.1)
    parser (3.1.2.1)
      ast (~> 2.4.1)
    pry (0.14.1)
      coderay (~> 1.1)
      method_source (~> 1.0)
    public_suffix (5.0.0)
    racc (1.6.0)
    rainbow (3.1.1)
    regexp_parser (2.6.0)
    representable (3.2.0)
      declarative (< 0.1.0)
      trailblazer-option (>= 0.1.1, < 0.2.0)
      uber (< 0.2.0)
    retriable (3.1.2)
    rexml (3.2.5)
    rspec (3.11.0)
      rspec-core (~> 3.11.0)
      rspec-expectations (~> 3.11.0)
      rspec-mocks (~> 3.11.0)
    rspec-core (3.11.0)
      rspec-support (~> 3.11.0)
    rspec-expectations (3.11.1)
      diff-lcs (>= 1.2.0, < 2.0)
      rspec-support (~> 3.11.0)
    rspec-mocks (3.11.1)
      diff-lcs (>= 1.2.0, < 2.0)
      rspec-support (~> 3.11.0)
    rspec-support (3.11.1)
    rubocop (1.36.0)
      json (~> 2.3)
      parallel (~> 1.10)
      parser (>= 3.1.2.1)
      rainbow (>= 2.2.2, < 4.0)
      regexp_parser (>= 1.8, < 3.0)
      rexml (>= 3.2.5, < 4.0)
      rubocop-ast (>= 1.20.1, < 2.0)
      ruby-progressbar (~> 1.7)
      unicode-display_width (>= 1.4.0, < 3.0)
    rubocop-ast (1.22.0)
      parser (>= 3.1.1.0)
    ruby-progressbar (1.11.0)
    ruby2_keywords (0.0.5)
    signet (0.17.0)
      addressable (~> 2.8)
      faraday (>= 0.17.5, < 3.a)
      jwt (>= 1.5, < 3.0)
      multi_json (~> 1.10)
    stringio (3.0.2)
    time (0.2.0)
      date
    trailblazer-option (0.1.2)
    uber (0.1.0)
    unicode-display_width (2.3.0)
    uri (0.11.0)
    webrick (1.7.0)

PLATFORMS
  arm64-darwin-20
  arm64-darwin-21

DEPENDENCIES
  csv
  dotenv
  google_drive
  json
  nokogiri
  open-uri
  pry
  rspec
  rubocop

RUBY VERSION
   ruby 3.0.0p0

BUNDLED WITH
   2.3.17
